GEM
  remote: https://rubygems.org/
  specs:
    actionmailer (4.0.0)
      actionpack (= 4.0.0)
      mail (~> 2.5.3)
    actionpack (4.0.0)
      activesupport (= 4.0.0)
      builder (~> 3.1.0)
      erubis (~> 2.7.0)
      rack (~> 1.5.2)
      rack-test (~> 0.6.2)
    activemodel (4.0.0)
      activesupport (= 4.0.0)
      builder (~> 3.1.0)
    activerecord (4.0.0)
      activemodel (= 4.0.0)
      activerecord-deprecated_finders (~> 1.0.2)
      activesupport (= 4.0.0)
      arel (~> 4.0.0)
    activerecord-deprecated_finders (1.0.3)
    activesupport (4.0.0)
      i18n (~> 0.6, >= 0.6.4)
      minitest (~> 4.2)
      multi_json (~> 1.3)
      thread_safe (~> 0.1)
      tzinfo (~> 0.3.37)
    arel (4.0.0)
    atomic (1.1.14)
<<<<<<< HEAD
    bcrypt-ruby (3.1.2)
    builder (3.1.4)
=======
    better_errors (1.0.1)
      coderay (>= 1.0.0)
      erubis (>= 2.6.6)
    binding_of_caller (0.7.2)
      debug_inspector (>= 0.0.1)
    builder (3.1.4)
    coderay (1.1.0)
>>>>>>> cbdef9db19fd030a10f80b2a1182e898ec1c5680
    coffee-rails (4.0.0)
      coffee-script (>= 2.2.0)
      railties (>= 4.0.0.beta, < 5.0)
    coffee-script (2.2.0)
      coffee-script-source
      execjs
    coffee-script-source (1.6.3)
<<<<<<< HEAD
    devise (3.1.0)
      bcrypt-ruby (~> 3.0)
      orm_adapter (~> 0.1)
      railties (>= 3.2.6, < 5)
      thread_safe (~> 0.1)
      warden (~> 1.2.3)
    erubis (2.7.0)
    execjs (2.0.1)
    formtastic (2.2.1)
      actionpack (>= 3.0)
=======
    debug_inspector (0.0.2)
    erubis (2.7.0)
    execjs (2.0.2)
    figaro (0.7.0)
      bundler (~> 1.0)
      rails (>= 3, < 5)
>>>>>>> cbdef9db19fd030a10f80b2a1182e898ec1c5680
    hashie (2.0.5)
    hike (1.2.3)
    i18n (0.6.5)
    jbuilder (1.5.1)
      activesupport (>= 3.0.0)
      multi_json (>= 1.2.0)
    jquery-rails (3.0.4)
      railties (>= 3.0, < 5.0)
      thor (>= 0.14, < 2.0)
    json (1.8.0)
    mail (2.5.4)
      mime-types (~> 1.16)
      treetop (~> 1.4.8)
    mime-types (1.25)
    minitest (4.7.5)
<<<<<<< HEAD
    multi_json (1.8.0)
=======
    multi_json (1.8.1)
>>>>>>> cbdef9db19fd030a10f80b2a1182e898ec1c5680
    oauth (0.4.7)
    omniauth (1.1.4)
      hashie (>= 1.2, < 3)
      rack
    omniauth-oauth (1.0.1)
      oauth
      omniauth (~> 1.0)
    omniauth-rdio (0.1.0)
      omniauth-oauth (~> 1.0)
<<<<<<< HEAD
    orm_adapter (0.4.0)
=======
>>>>>>> cbdef9db19fd030a10f80b2a1182e898ec1c5680
    polyglot (0.3.3)
    rack (1.5.2)
    rack-test (0.6.2)
      rack (>= 1.0)
    rails (4.0.0)
      actionmailer (= 4.0.0)
      actionpack (= 4.0.0)
      activerecord (= 4.0.0)
      activesupport (= 4.0.0)
      bundler (>= 1.3.0, < 2.0)
      railties (= 4.0.0)
      sprockets-rails (~> 2.0.0)
    railties (4.0.0)
      actionpack (= 4.0.0)
      activesupport (= 4.0.0)
      rake (>= 0.8.7)
      thor (>= 0.18.1, < 2.0)
    rake (10.1.0)
<<<<<<< HEAD
    rdoc (3.12.2)
      json (~> 1.4)
    sass (3.2.10)
=======
    rdio (0.1.001)
      json
      oauth (>= 0.3.0)
    rdoc (3.12.2)
      json (~> 1.4)
    sass (3.2.12)
>>>>>>> cbdef9db19fd030a10f80b2a1182e898ec1c5680
    sass-rails (4.0.0)
      railties (>= 4.0.0.beta, < 5.0)
      sass (>= 3.1.10)
      sprockets-rails (~> 2.0.0)
    sdoc (0.3.20)
      json (>= 1.1.3)
      rdoc (~> 3.10)
    sprockets (2.10.0)
      hike (~> 1.2)
      multi_json (~> 1.0)
      rack (~> 1.0)
      tilt (~> 1.1, != 1.3.0)
    sprockets-rails (2.0.0)
      actionpack (>= 3.0)
      activesupport (>= 3.0)
      sprockets (~> 2.8)
    sqlite3 (1.3.8)
    thor (0.18.1)
    thread_safe (0.1.3)
      atomic
    tilt (1.4.1)
    treetop (1.4.15)
      polyglot
      polyglot (>= 0.3.1)
    turbolinks (1.3.0)
      coffee-rails
<<<<<<< HEAD
=======
    twitter-bootstrap-rails (2.2.8)
      actionpack (>= 3.1)
      execjs
      rails (>= 3.1)
      railties (>= 3.1)
>>>>>>> cbdef9db19fd030a10f80b2a1182e898ec1c5680
    tzinfo (0.3.37)
    uglifier (2.2.1)
      execjs (>= 0.3.0)
      multi_json (~> 1.0, >= 1.0.2)
<<<<<<< HEAD
    warden (1.2.3)
      rack (>= 1.0)
=======
>>>>>>> cbdef9db19fd030a10f80b2a1182e898ec1c5680

PLATFORMS
  ruby

DEPENDENCIES
<<<<<<< HEAD
  coffee-rails (~> 4.0.0)
  devise
  formtastic
  jbuilder (~> 1.2)
  jquery-rails
  omniauth-rdio
  rails (= 4.0.0)
=======
  better_errors
  binding_of_caller
  coffee-rails (~> 4.0.0)
  figaro
  jbuilder (~> 1.2)
  jquery-rails
  oauth
  omniauth-rdio
  rails (= 4.0.0)
  rdio
>>>>>>> cbdef9db19fd030a10f80b2a1182e898ec1c5680
  sass-rails (~> 4.0.0)
  sdoc
  sqlite3
  turbolinks
<<<<<<< HEAD
=======
  twitter-bootstrap-rails
>>>>>>> cbdef9db19fd030a10f80b2a1182e898ec1c5680
  uglifier (>= 1.3.0)
